PATH
  remote: .
  specs:
    rookie (0.0.1)
      rake

GEM
  remote: http://rubygems.org/
  specs:
    rake (0.9.2.2)

PLATFORMS
  ruby

DEPENDENCIES
  bundler
  rookie!
